GEM
  remote: https://rubygems.org/
  specs:
    backports (3.10.3)
    byebug (9.1.0)
    coderay (1.1.1)
    method_source (0.9.0)
    multi_json (1.12.2)
    mustermann (1.0.1)
    pry (0.11.1)
      coderay (~> 1.1.0)
      method_source (~> 0.9.0)
    pry-byebug (3.5.0)
      byebug (~> 9.1)
      pry (~> 0.10)
    puma (3.8.2)
    rack (2.0.3)
    rack-protection (2.0.0)
      rack
    sinatra (2.0.0)
      mustermann (~> 1.0)
      rack (~> 2.0)
      rack-protection (= 2.0.0)
      tilt (~> 2.0)
    sinatra-contrib (2.0.0)
      backports (>= 2.0)
      multi_json
      mustermann (~> 1.0)
      rack-protection (= 2.0.0)
      sinatra (= 2.0.0)
      tilt (>= 1.3, < 3)
    sinatra-reloader (1.0)
      sinatra-contrib
    tilt (2.0.8)

PLATFORMS
  ruby

DEPENDENCIES
  pry
  pry-byebug
  puma
  sinatra
  sinatra-reloader

BUNDLED WITH
   1.14.6
